GEM
  remote: http://rubygems.org/
  specs:
    cuba (3.0.0)
      rack
    rack (1.4.1)
    rack-test (0.6.1)
      rack (>= 1.0)
    rake (0.9.2.2)
    redis (2.2.2)

PLATFORMS
  ruby

DEPENDENCIES
  cuba (~> 3.0.0)
  rack-test
  rake (~> 0.9.2)
  redis (~> 2.2.2)
